GEM
  remote: http://rubygems.org/
  specs:
    adsf (1.1.1)
      rack (>= 1.0.0)
    colored (1.2)
    cri (2.3.0)
      colored (>= 1.2)
    json (1.7.6)
    mime-types (1.19)
    nanoc (3.4.3)
      cri (~> 2.2)
    nokogiri (1.5.6)
    rack (1.4.4)
    rake (10.0.3)
    redcarpet (1.17.2)
    systemu (2.5.2)

PLATFORMS
  ruby

DEPENDENCIES
  adsf
  json
  mime-types
  nanoc (> 3.1)
  nokogiri
  rake
  redcarpet (~> 1.17)
  systemu
